GIT
  remote: git://github.com/ankane/twitter-stream.git
  revision: b6e157e6dad7ebe7a0f3952c25bf9140e9273329
  specs:
    twitter-stream (0.1.14)
      eventmachine (>= 0.12.8)
      http_parser.rb (~> 0.5.1)
      simple_oauth (~> 0.1.4)

GEM
  remote: http://rubygems.org/
  specs:
    addressable (2.2.7)
    em-http-oauth-request (0.1.0)
      em-http-request (>= 0.2.5)
      oauth (>= 0.3.6)
    em-http-request (0.3.0)
      addressable (>= 2.0.0)
      escape_utils
      eventmachine (>= 0.12.9)
    escape_utils (0.2.4)
    eventmachine (0.12.10)
    http_parser.rb (0.5.3)
    oauth (0.4.5)
    simple_oauth (0.1.5)

PLATFORMS
  ruby

DEPENDENCIES
  em-http-oauth-request
  em-http-request
  eventmachine
  twitter-stream!
